{
	"Modality": "MR",
	"MagneticFieldStrength": 3,
	"ImagingFrequency": 123.188,
	"Manufacturer": "Siemens",
	"ManufacturersModelName": "Verio",
	"InstitutionName": "EVKB_Mara_1",
	"InstitutionalDepartmentName": "Department",
	"InstitutionAddress": "Maraweg_21_Bielefeld_District_DE_33617",
	"DeviceSerialNumber": "40720",
	"StationName": "MRC40720",
	"PatientPosition": "HFS",
	"SoftwareVersions": "syngo_MR_B19",
	"MRAcquisitionType": "3D",
	"SeriesDescription": "<MPR-Modus_Serie[1]>",
	"ProtocolName": "t1_mpr_sag_p2_iso0_9_320_:-)",
	"ScanningSequence": "GR_IR",
	"SequenceVariant": "SP_MP_OSP",
	"ScanOptions": "IR_PFP",
	"SequenceName": "_tfl3d1_ns",
	"ImageType": ["DERIVED", "SECONDARY", "MPR", "CSA", "MPR", "CSAPARALLEL", "M", "ND", "NORM"],
	"RawImage": false,
	"SeriesNumber": 13,
	"AcquisitionTime": "16:23:42.600000",
	"AcquisitionNumber": 1,
	"SliceThickness": 0.8,
	"SAR": 0.0566637,
	"EchoTime": 0.0025,
	"RepetitionTime": 1.9,
	"InversionTime": 0.9,
	"FlipAngle": 9,
	"PercentPhaseFOV": 100,
	"PhaseEncodingSteps": 349,
	"AcquisitionMatrixPE": 320,
	"ReconMatrixPE": 320,
	"PixelBandwidth": 180,
	"ImageOrientationPatientDICOM": [
		0.998291,
		0.0584448,
		0.000264799,
		-0.0340637,
		0.58551,
		-0.809949	],
	"InPlanePhaseEncodingDirectionDICOM": "ROW",
	"ConversionSoftware": "dcm2niix",
	"ConversionSoftwareVersion": "v1.0.20190410  GCC4.8.2"
}
