{
	"Modality": "MR",
	"MagneticFieldStrength": 3,
	"ImagingFrequency": 123.188,
	"Manufacturer": "Siemens",
	"ManufacturersModelName": "Verio",
	"InstitutionName": "EVKB_Mara_1",
	"InstitutionalDepartmentName": "Department",
	"InstitutionAddress": "Maraweg_21_Bielefeld_District_DE_33617",
	"DeviceSerialNumber": "40720",
	"StationName": "MRC40720",
	"PatientPosition": "HFS",
	"ProcedureStepDescription": "Mara_12CH_fMRT",
	"SoftwareVersions": "syngo_MR_B19",
	"MRAcquisitionType": "2D",
	"SeriesDescription": "ep2d_bold_moco_5mm_Sprache_(pace)",
	"ProtocolName": "ep2d_bold_moco_5mm_Sprache_(pace)",
	"ScanningSequence": "EP",
	"SequenceVariant": "SK",
	"ScanOptions": "FS",
	"SequenceName": "_epfid2d1_64",
	"ImageType": ["ORIGINAL", "PRIMARY", "FMRI", "NONE", "ND", "MOSAIC"],
	"SeriesNumber": 6,
	"AcquisitionTime": "16:34:34.400000",
	"AcquisitionNumber": 1,
	"SliceThickness": 5,
	"SpacingBetweenSlices": 5,
	"SAR": 0.0330235,
	"EchoTime": 0.05,
	"RepetitionTime": 3,
	"FlipAngle": 90,
	"PartialFourier": 1,
	"BaseResolution": 64,
	"ShimSetting": [
		7400,
		11362,
		-12012,
		138,
		-140,
		460,
		385,
		-228	],
	"DelayTime": 1.2,
	"TxRefAmp": 400.793,
	"PhaseResolution": 1,
	"ReceiveCoilName": "HeadMatrix",
	"CoilString": "t:HEA;HEP",
	"PulseSequenceDetails": "%SiemensSeq%_ep2d_pace",
	"PercentPhaseFOV": 100,
	"PhaseEncodingSteps": 64,
	"AcquisitionMatrixPE": 64,
	"ReconMatrixPE": 64,
	"BandwidthPerPixelPhaseEncode": 30.637,
	"EffectiveEchoSpacing": 0.000510004,
	"DerivedVendorReportedEchoSpacing": 0.000510004,
	"TotalReadoutTime": 0.0321303,
	"PixelBandwidth": 2232,
	"DwellTime": 3.5e-06,
	"PhaseEncodingDirection": "j-",
	"SliceTiming": [
		0,
		0.935,
		0.085,
		1.02,
		0.17,
		1.105,
		0.255,
		1.19,
		0.34,
		1.275,
		0.425,
		1.36,
		0.51,
		1.445,
		0.595,
		1.53,
		0.68,
		1.615,
		0.765,
		1.7,
		0.85	],
	"ImageOrientationPatientDICOM": [
		0.999651,
		0.00349064,
		0.0261768,
		-0.00348945,
		0.999994,
		-9.13743e-05	],
	"InPlanePhaseEncodingDirectionDICOM": "COL",
	"ConversionSoftware": "dcm2niix",
	"ConversionSoftwareVersion": "v1.0.20190410  GCC4.8.2"
}
